GEM
  remote: https://rubygems.org/
  specs:
    aws-eventstream (1.1.0)
    aws-partitions (1.354.0)
    aws-sdk-core (3.104.3)
      aws-eventstream (~> 1, >= 1.0.2)
      aws-partitions (~> 1, >= 1.239.0)
      aws-sigv4 (~> 1.1)
      jmespath (~> 1.0)
    aws-sdk-sqs (1.30.0)
      aws-sdk-core (~> 3, >= 3.99.0)
      aws-sigv4 (~> 1.1)
    aws-sigv4 (1.2.1)
      aws-eventstream (~> 1, >= 1.0.2)
    concurrent-ruby (1.1.7)
    jmespath (1.4.0)
    shoryuken (5.0.4)
      aws-sdk-core (>= 2)
      concurrent-ruby
      thor
    thor (1.0.1)

PLATFORMS
  ruby

DEPENDENCIES
  aws-sdk-sqs
  shoryuken

RUBY VERSION
   ruby 2.5.8p224

BUNDLED WITH
   1.17.3
